GEM
  remote: https://rubygems.org/
  specs:
    bcrypt_pbkdf (1.1.0)
    concurrent-ruby (1.2.0)
    connection_pool (2.3.0)
    ed25519 (1.3.0)
    net-ssh (7.0.1)
    rack (2.2.6.2)
    redis (4.8.1)
    redis-client (0.12.1)
      connection_pool
    redis-namespace (1.10.0)
      redis (>= 4)
    sidekiq (7.0.4)
      concurrent-ruby (< 2)
      connection_pool (>= 2.3.0)
      rack (>= 2.2.4)
      redis-client (>= 0.11.0)

PLATFORMS
  arm64-darwin-21

DEPENDENCIES
  bcrypt_pbkdf
  ed25519
  net-ssh
  redis
  redis-namespace
  sidekiq

BUNDLED WITH
   2.4.5
